PATH
  remote: .
  specs:
    SupplementSearcher (0.1.0)

GEM
  remote: http://rubygems.org/
  specs:
    coderay (1.1.2)
    method_source (0.9.0)
    mini_portile2 (2.3.0)
    nokogiri (1.8.4)
      mini_portile2 (~> 2.3.0)
    open_uri_redirections (0.2.1)
    pry (0.11.3)
      coderay (~> 1.1.0)
      method_source (~> 0.9.0)
    rake (12.3.1)
    require_all (2.0.0)

PLATFORMS
  ruby

DEPENDENCIES
  SupplementSearcher!
  bundler (~> 1.16)
  nokogiri (~> 1.8, >= 1.8.4)
  open_uri_redirections (~> 0.2.1)
  pry (~> 0.11.3)
  rake (~> 12.3, >= 12.3.1)
  require_all (~> 2.0)

BUNDLED WITH
   1.16.3
